GEM
  remote: http://rubygems.org/
  specs:
    coderay (1.0.8)
    colorize (0.5.8)
    httpclient (2.3.0.1)
    method_source (0.8.1)
    nokogiri (1.5.5)
    pry (0.9.10)
      coderay (~> 1.0.5)
      method_source (~> 0.8)
      slop (~> 3.3.1)
    rack (1.4.1)
    rack-protection (1.2.0)
      rack
    redis (3.0.2)
    sinatra (1.3.3)
      rack (~> 1.3, >= 1.3.6)
      rack-protection (~> 1.2)
      tilt (~> 1.3, >= 1.3.3)
    slop (3.3.3)
    tilt (1.3.3)

PLATFORMS
  ruby

DEPENDENCIES
  colorize
  httpclient
  nokogiri
  pry
  redis
  sinatra
